PATH
  remote: .
  specs:
    tb_client (0.1.0)
      ffi (>= 1.0)

GEM
  remote: https://rubygems.org/
  specs:
    coderay (1.1.3)
    date (3.4.1)
    ffi (1.17.2-arm64-darwin)
    ffi (1.17.2-x86_64-linux-gnu)
    io-console (0.8.0)
    irb (1.15.2)
      pp (>= 0.6.0)
      rdoc (>= 4.0.0)
      reline (>= 0.4.2)
    method_source (1.1.0)
    minitest (5.25.4)
    pp (0.6.2)
      prettyprint
    prettyprint (0.2.0)
    pry (0.15.2)
      coderay (~> 1.1)
      method_source (~> 1.0)
    psych (5.2.4)
      date
      stringio
    rake (13.2.1)
    rdoc (6.13.1)
      psych (>= 4.0.0)
    reline (0.6.1)
      io-console (~> 0.5)
    stringio (3.1.7)

PLATFORMS
  arm64-darwin-24
  x86_64-linux-gnu

DEPENDENCIES
  irb
  minitest (~> 5.16)
  pry
  rake (~> 13.0)
  tb_client!

BUNDLED WITH
   2.6.2
